GEM
  remote: https://rubygems.org/
  specs:
    sequel (5.58.0)

PLATFORMS
  arm64-darwin-21

DEPENDENCIES
  sequel (~> 5.58.0)

BUNDLED WITH
   2.3.7
