GEM
  remote: https://rubygems.org/
  specs:
    ast (2.4.2)
    json (2.6.1)
    moji (1.6)
    mojinizer (0.2.2)
      moji (~> 1.6)
    parallel (1.22.1)
    parser (3.1.2.0)
      ast (~> 2.4.1)
    pg (1.4.2)
    rainbow (3.1.1)
    regexp_parser (2.5.0)
    rexml (3.2.5)
    rubocop (1.32.0)
      json (~> 2.3)
      parallel (~> 1.10)
      parser (>= 3.1.0.0)
      rainbow (>= 2.2.2, < 4.0)
      regexp_parser (>= 1.8, < 3.0)
      rexml (>= 3.2.5, < 4.0)
      rubocop-ast (>= 1.19.1, < 2.0)
      ruby-progressbar (~> 1.7)
      unicode-display_width (>= 1.4.0, < 3.0)
    rubocop-ast (1.19.1)
      parser (>= 3.1.1.0)
    ruby-progressbar (1.11.0)
    sequel (5.58.0)
    unicode-display_width (2.2.0)
    uuidtools (2.1.5)

PLATFORMS
  arm64-darwin-21

DEPENDENCIES
  mojinizer (~> 0.2.2)
  pg (~> 1.4.2)
  rubocop
  sequel (~> 5.58.0)
  uuidtools (~> 2.1.5)

BUNDLED WITH
   2.3.7
